PATH
  remote: .
  specs:
    grit (2.5.0)
      diff-lcs (~> 1.1)
      mime-types (~> 1.15)
      posix-spawn (~> 0.3.6)

GEM
  remote: https://rubygems.org/
  specs:
    diff-lcs (1.2.4)
    metaclass (0.0.1)
    mime-types (1.23)
    mocha (0.14.0)
      metaclass (~> 0.0.1)
    posix-spawn (0.3.6)
    rake (10.0.4)

PLATFORMS
  ruby

DEPENDENCIES
  grit!
  mocha
  rake
