GEM
  remote: http://rubygems.org/
  specs:
    diff-lcs (1.1.3)
    metaclass (0.0.1)
    mime-types (1.18)
    mocha (0.11.4)
      metaclass (~> 0.0.1)
    posix-spawn (0.3.6)
    rake (0.9.2.2)

PLATFORMS
  ruby

DEPENDENCIES
  diff-lcs (~> 1.1)
  mime-types (~> 1.15)
  mocha
  posix-spawn (~> 0.3.6)
  rake
